PATH
  remote: .
  specs:
    open4 (1.3.4)

GEM
  remote: https://rubygems.org/
  specs:

PLATFORMS
  ruby

DEPENDENCIES
  open4!

BUNDLED WITH
   1.10.6
